GEM
  remote: https://rubygems.org/
  specs:
    pdf-core (0.7.0)
    prawn (2.2.2)
      pdf-core (~> 0.7.0)
      ttfunk (~> 1.5)
    prawn-svg (0.16.0)
      prawn (>= 0.8.4)
    prawn-table (0.1.1)
    ttfunk (1.6.1)

PLATFORMS
  ruby

DEPENDENCIES
  prawn
  prawn-svg
  prawn-table

BUNDLED WITH
   2.0.2
