GEM
  remote: https://rubygems.org/
  specs:
    addressable (2.8.5)
      public_suffix (>= 2.0.2, < 6.0)
    css_parser (1.16.0)
      addressable
    pdf-core (0.9.0)
    prawn (2.4.0)
      pdf-core (~> 0.9.0)
      ttfunk (~> 1.7)
    prawn-svg (0.32.0)
      css_parser (~> 1.6)
      prawn (>= 0.11.1, < 3)
      rexml (~> 3.2)
    prawn-table (0.2.2)
      prawn (>= 1.3.0, < 3.0.0)
    public_suffix (5.0.3)
    rexml (3.2.6)
    ttfunk (1.7.0)

PLATFORMS
  ruby

DEPENDENCIES
  prawn
  prawn-svg
  prawn-table

BUNDLED WITH
   2.0.2
