GEM
  remote: https://rubygems.org/
  specs:
    pdf-core (0.2.5)
    prawn (1.2.1)
      pdf-core (~> 0.2.5)
      ttfunk (~> 1.2.0)
    prawn-svg (0.16.0)
      prawn (>= 0.8.4)
    prawn-table (0.1.1)
    ttfunk (1.2.2)

PLATFORMS
  ruby

DEPENDENCIES
  prawn
  prawn-svg
  prawn-table
